GEM
  remote: https://rubygems.org/
  specs:
    concurrent-ruby (1.1.10)
    i18n (1.12.0)
      concurrent-ruby (~> 1.0)
    ruby-enum (0.7.2)
      i18n

PLATFORMS
  x86_64-darwin-21

DEPENDENCIES
  ruby-enum (~> 0.7.0)

BUNDLED WITH
   2.3.14
